GEM
  remote: http://rubygems.org/
  specs:
    bluecloth (2.0.10)
    capistrano (2.5.17)
      highline
      net-scp (>= 1.0.0)
      net-sftp (>= 2.0.0)
      net-ssh (>= 2.0.14)
      net-ssh-gateway (>= 1.0.0)
    capistrano-campfire (0.1.1)
    capistrano-log_with_awesome (0.0.1)
      capistrano (>= 2.5.14)
    capistrano-spec (0.1.0)
    diff-lcs (1.1.2)
    git (1.2.5)
    highline (1.5.2)
    jeweler (1.5.0.pre2)
      bundler (>= 1.0.0.rc.5)
      git (>= 1.2.5)
      rake
    net-scp (1.0.2)
      net-ssh (>= 1.99.1)
    net-sftp (2.0.4)
      net-ssh (>= 2.0.9)
    net-ssh (2.0.23)
    net-ssh-gateway (1.0.1)
      net-ssh (>= 1.99.1)
    rake (0.8.7)
    rcov (0.9.8)
    rspec (2.0.0.beta.20)
      rspec-core (= 2.0.0.beta.20)
      rspec-expectations (= 2.0.0.beta.20)
      rspec-mocks (= 2.0.0.beta.20)
    rspec-core (2.0.0.beta.20)
    rspec-expectations (2.0.0.beta.20)
      diff-lcs (>= 1.1.2)
    rspec-mocks (2.0.0.beta.20)
    yard (0.6.1)

PLATFORMS
  ruby

DEPENDENCIES
  bluecloth
  bundler (>= 1.0.0.rc.5)
  capistrano
  capistrano-campfire
  capistrano-log_with_awesome
  capistrano-spec
  jeweler (~> 1.5.0.pre2)
  rcov
  rspec (>= 2.0.0.beta.19)
  yard
